GEM
  remote: https://rubygems.org/
  specs:
    activesupport (4.2.5)
      i18n (~> 0.7)
      json (~> 1.7, >= 1.7.7)
      minitest (~> 5.1)
      thread_safe (~> 0.3, >= 0.3.4)
      tzinfo (~> 1.1)
    addressable (2.4.0)
    autoprefixer-rails (2.2.0.20140804)
      execjs
    blankslate (2.1.2.4)
    buftok (0.2.0)
    byebug (8.2.1)
    classifier-reborn (2.0.3)
      fast-stemmer (~> 1.0)
    coderay (1.1.0)
    coffee-script (2.4.1)
      coffee-script-source
      execjs
    coffee-script-source (1.9.1.1)
    colorator (0.1)
    domain_name (0.5.25)
      unf (>= 0.0.5, < 1.0.0)
    equalizer (0.0.10)
    execjs (2.6.0)
    faraday (0.9.2)
      multipart-post (>= 1.2, < 3)
    fast-stemmer (1.0.2)
    ffi (1.9.10)
    gemoji (2.1.0)
    html-pipeline (1.9.0)
      activesupport (>= 2)
      nokogiri (~> 1.4)
    http (0.9.8)
      addressable (~> 2.3)
      http-cookie (~> 1.0)
      http-form_data (~> 1.0.1)
      http_parser.rb (~> 0.6.0)
    http-cookie (1.0.2)
      domain_name (~> 0.5)
    http-form_data (1.0.1)
    http_parser.rb (0.6.0)
    i18n (0.7.0)
    jekyll (2.5.3)
      classifier-reborn (~> 2.0)
      colorator (~> 0.1)
      jekyll-coffeescript (~> 1.0)
      jekyll-gist (~> 1.0)
      jekyll-paginate (~> 1.0)
      jekyll-sass-converter (~> 1.0)
      jekyll-watch (~> 1.1)
      kramdown (~> 1.3)
      liquid (~> 2.6.1)
      mercenary (~> 0.3.3)
      pygments.rb (~> 0.6.0)
      redcarpet (~> 3.1)
      safe_yaml (~> 1.0)
      toml (~> 0.1.0)
    jekyll-coffeescript (1.0.1)
      coffee-script (~> 2.2)
    jekyll-feed (0.4.0)
    jekyll-gist (1.3.4)
    jekyll-mentions (0.2.1)
      html-pipeline (~> 1.9.0)
      jekyll (~> 2.0)
    jekyll-paginate (1.1.0)
    jekyll-redirect-from (0.9.1)
      jekyll (>= 2.0)
    jekyll-sass-converter (1.3.0)
      sass (~> 3.2)
    jekyll-sitemap (0.9.0)
    jekyll-twitter-plugin (1.3.1)
      twitter (~> 5.11)
    jekyll-watch (1.3.0)
      listen (~> 3.0)
    jemoji (0.5.0)
      gemoji (~> 2.0)
      html-pipeline (~> 1.9)
      jekyll (>= 2.0)
    json (1.8.3)
    kramdown (1.9.0)
    liquid (2.6.3)
    listen (3.0.3)
      rb-fsevent (>= 0.9.3)
      rb-inotify (>= 0.9)
    memoizable (0.4.2)
      thread_safe (~> 0.3, >= 0.3.1)
    mercenary (0.3.5)
    method_source (0.8.2)
    mini_portile2 (2.0.0)
    minitest (5.8.3)
    multipart-post (2.0.0)
    naught (1.1.0)
    nokogiri (1.6.7.1)
      mini_portile2 (~> 2.0.0.rc2)
    octopress (3.0.11)
      jekyll (>= 2.0)
      mercenary (~> 0.3.2)
      octopress-deploy
      octopress-escape-code (~> 2.0)
      octopress-hooks (~> 2.0)
      redcarpet (~> 3.0)
      titlecase
    octopress-autoprefixer (1.0.1)
      autoprefixer-rails (~> 2.2)
      jekyll (>= 2.0)
      octopress-hooks (~> 2.0)
    octopress-code-highlighter (4.2.6)
      colorator (~> 0.1)
      octopress-hooks
    octopress-codeblock (1.0.5)
      octopress-code-highlighter (~> 4.2)
    octopress-codefence (1.6.1)
      octopress-code-highlighter (~> 4.2)
      octopress-hooks (~> 2.1)
    octopress-date-format (3.0.3)
      jekyll (>= 2.0)
    octopress-debugger (1.0.2)
      jekyll
      pry-byebug
    octopress-deploy (1.3.0)
      colorator
    octopress-escape-code (2.0.6)
      octopress-hooks (~> 2.0)
    octopress-filters (1.4.0)
      jekyll
      octopress-hooks (~> 2.0)
      rubypants-unicode
      titlecase
    octopress-gist (1.3.5)
      octopress-code-highlighter (~> 4.2)
    octopress-hooks (2.6.1)
      jekyll (>= 2.0)
    octopress-image-tag (1.1.0)
      jekyll
    octopress-include-tag (1.1.3)
      jekyll (>= 2.0)
      octopress-tag-helpers (~> 1.0)
    octopress-ink (1.2.1)
      jekyll (>= 2.0)
      octopress (~> 3.0)
      octopress-autoprefixer
      octopress-date-format
      octopress-filters (~> 1.1)
      octopress-hooks (~> 2.2)
      octopress-include-tag (~> 1.0)
      uglifier (~> 2.5)
    octopress-solarized (1.1.2)
      octopress-ink (~> 1.0)
    octopress-tag-helpers (1.0.8)
      jekyll (>= 2.0)
    parslet (1.5.0)
      blankslate (~> 2.0)
    posix-spawn (0.3.11)
    pry (0.10.3)
      coderay (~> 1.1.0)
      method_source (~> 0.8.1)
      slop (~> 3.4)
    pry-byebug (3.3.0)
      byebug (~> 8.0)
      pry (~> 0.10)
    pygments.rb (0.6.3)
      posix-spawn (~> 0.3.6)
      yajl-ruby (~> 1.2.0)
    rb-fsevent (0.9.6)
    rb-inotify (0.9.5)
      ffi (>= 0.5.0)
    redcarpet (3.3.3)
    rubypants-unicode (0.2.5)
    safe_yaml (1.0.4)
    sass (3.4.19)
    simple_oauth (0.3.1)
    slop (3.6.0)
    thread_safe (0.3.5)
    titlecase (0.1.1)
    toml (0.1.2)
      parslet (~> 1.5.0)
    twitter (5.15.0)
      addressable (~> 2.3)
      buftok (~> 0.2.0)
      equalizer (= 0.0.10)
      faraday (~> 0.9.0)
      http (>= 0.4, < 0.10)
      http_parser.rb (~> 0.6.0)
      json (~> 1.8)
      memoizable (~> 0.4.0)
      naught (~> 1.0)
      simple_oauth (~> 0.3.0)
    tzinfo (1.2.2)
      thread_safe (~> 0.1)
    uglifier (2.7.2)
      execjs (>= 0.3.0)
      json (>= 1.8.0)
    unf (0.1.4)
      unf_ext
    unf_ext (0.0.7.1)
    yajl-ruby (1.2.1)

PLATFORMS
  ruby

DEPENDENCIES
  coderay
  jekyll
  jekyll-feed
  jekyll-mentions
  jekyll-redirect-from
  jekyll-sitemap
  jekyll-twitter-plugin
  jemoji
  kramdown
  octopress (~> 3.0.0)
  octopress-codeblock
  octopress-codefence
  octopress-debugger
  octopress-gist
  octopress-image-tag
  octopress-solarized

BUNDLED WITH
   1.11.2
